GEM
  remote: http://rubygems.org/
  specs:
    coderay (1.1.3)
    json-api-vanilla (1.0.2)
    method_source (1.0.0)
    mysql2 (0.5.4)
    patreon (0.5.0)
      json-api-vanilla (~> 1.0.1)
      rack
    pry (0.14.1)
      coderay (~> 1.1)
      method_source (~> 1.0)
    rack (3.0.4.1)

PLATFORMS
  x86_64-darwin-20
  x86_64-linux

DEPENDENCIES
  mysql2
  patreon
  pry

BUNDLED WITH
   2.3.12
