GEM
  remote: http://rubygems.org/
  specs:
    coderay (1.1.2)
    json-api-vanilla (1.0.1)
    method_source (0.9.2)
    mysql2 (0.5.2)
    patreon (0.5.0)
      json-api-vanilla (~> 1.0.1)
      rack
    pry (0.12.2)
      coderay (~> 1.1.0)
      method_source (~> 0.9.0)
    rack (2.0.7)

PLATFORMS
  ruby

DEPENDENCIES
  mysql2
  patreon
  pry

BUNDLED WITH
   1.17.3
