GEM
  remote: https://rubygems.org/
  specs:
    bigdecimal (3.3.1)
    json-api-vanilla (1.0.4)
    mysql2 (0.5.7)
      bigdecimal
    patreon (0.5.0)
      json-api-vanilla (~> 1.0.1)
      rack
    rack (3.2.3)

PLATFORMS
  arm64-darwin-25
  x86_64-linux

DEPENDENCIES
  mysql2
  patreon

BUNDLED WITH
   2.5.16
