GEM
  remote: http://rubygems.org/
  specs:
    coderay (1.1.3)
    json-api-vanilla (1.0.2)
    method_source (1.0.0)
    mysql2 (0.5.3)
    patreon (0.5.0)
      json-api-vanilla (~> 1.0.1)
      rack
    pry (0.14.0)
      coderay (~> 1.1)
      method_source (~> 1.0)
    rack (2.2.3)

PLATFORMS
  ruby

DEPENDENCIES
  mysql2
  patreon
  pry

BUNDLED WITH
   1.17.3
